GEM
  remote: https://rubygems.org/
  specs:
    actionmailer (3.2.11)
      actionpack (= 3.2.11)
      mail (~> 2.4.4)
    actionpack (3.2.11)
      activemodel (= 3.2.11)
      activesupport (= 3.2.11)
      builder (~> 3.0.0)
      erubis (~> 2.7.0)
      journey (~> 1.0.4)
      rack (~> 1.4.0)
      rack-cache (~> 1.2)
      rack-test (~> 0.6.1)
      sprockets (~> 2.2.1)
    activemodel (3.2.11)
      activesupport (= 3.2.11)
      builder (~> 3.0.0)
    activerecord (3.2.11)
      activemodel (= 3.2.11)
      activesupport (= 3.2.11)
      arel (~> 3.0.2)
      tzinfo (~> 0.3.29)
    activeresource (3.2.11)
      activemodel (= 3.2.11)
      activesupport (= 3.2.11)
    activesupport (3.2.11)
      i18n (~> 0.6)
      multi_json (~> 1.0)
    addressable (2.3.2)
    annotate (2.5.0)
      rake
    arel (3.0.2)
    bcrypt-ruby (3.0.1)
    best_in_place (2.1.0)
      jquery-rails
      rails (~> 3.1)
    bootstrap-sass (2.3.2.0)
      sass (~> 3.2)
    bootstrap-will_paginate (0.0.6)
      will_paginate
    builder (3.0.4)
    bullet (4.6.0)
      uniform_notifier
    capybara (1.1.2)
      mime-types (>= 1.16)
      nokogiri (>= 1.3.3)
      rack (>= 1.0.0)
      rack-test (>= 0.5.4)
      selenium-webdriver (~> 2.0)
      xpath (~> 0.1.4)
    carrierwave (0.7.1)
      activemodel (>= 3.2.0)
      activesupport (>= 3.2.0)
    childprocess (0.3.6)
      ffi (~> 1.0, >= 1.0.6)
    coffee-rails (3.2.2)
      coffee-script (>= 2.2.0)
      railties (~> 3.2.0)
    coffee-script (2.2.0)
      coffee-script-source
      execjs
    coffee-script-source (1.4.0)
    delayed_job (4.0.1)
      activesupport (>= 3.0, < 4.2)
    delayed_job_active_record (4.0.1)
      activerecord (>= 3.0, < 4.2)
      delayed_job (>= 3.0, < 4.1)
    diff-lcs (1.1.3)
    erubis (2.7.0)
    exception_notification (3.0.1)
      actionmailer (>= 3.0.4)
    excon (0.13.4)
    execjs (1.4.0)
      multi_json (~> 1.0)
    factory_girl (4.1.0)
      activesupport (>= 3.0.0)
    factory_girl_rails (4.1.0)
      factory_girl (~> 4.1.0)
      railties (>= 3.0.0)
    faraday (0.8.4)
      multipart-post (~> 1.1)
    fastimage (1.5.2)
    ffi (1.2.0)
    fog (1.3.1)
      builder
      excon (~> 0.13.0)
      formatador (~> 0.2.0)
      mime-types
      multi_json (~> 1.0)
      net-scp (~> 1.0.4)
      net-ssh (>= 2.1.3)
      nokogiri (~> 1.5.0)
      ruby-hmac
    font-awesome-sass-rails (2.0.0.0)
      railties (>= 3.1.1)
      sass-rails (>= 3.1.1)
    formatador (0.2.4)
    gibbon (1.1.3)
      httparty
      multi_json (>= 1.3.4)
    google_currency (3.0.0)
      money (~> 5.1.1)
    guard (1.4.0)
      listen (>= 0.4.2)
      thor (>= 0.14.6)
    guard-rspec (1.2.1)
      guard (>= 1.1)
    guard-spork (1.2.0)
      childprocess
      guard (>= 1.1)
      spork (>= 0.8.4)
      sys-proctable
    guess_html_encoding (0.0.9)
    hashie (1.2.0)
    hike (1.2.1)
    httparty (0.11.0)
      multi_json (~> 1.0)
      multi_xml (>= 0.5.2)
    httpauth (0.2.0)
    httpclient (2.3.3)
    i18n (0.6.1)
    impressionist (1.3.1)
      httpclient (~> 2.2)
      nokogiri (~> 1.5)
    journey (1.0.4)
    jquery-rails (2.0.2)
      railties (>= 3.2.0, < 5.0)
      thor (~> 0.14)
    json (1.7.7)
    jwt (0.1.5)
      multi_json (>= 1.0)
    libwebsocket (0.1.7.1)
      addressable
      websocket
    link_thumbnailer (1.0.9)
      hashie (>= 1.2.0)
      json (~> 1.7.6)
      net-http-persistent (~> 2.7)
      nokogiri (~> 1.5.5)
      rmagick (~> 2.13.1)
    listen (0.5.2)
    mail (2.4.4)
      i18n (>= 0.4.0)
      mime-types (~> 1.16)
      treetop (~> 1.4.8)
    mime-types (1.21)
    mini_magick (3.4)
      subexec (~> 0.2.1)
    mixpanel-ruby (1.4.0)
    money (5.1.1)
      i18n (~> 0.6.0)
    money-rails (0.8.1)
      activesupport (>= 3.0)
      money (~> 5.1.0)
      railties (>= 3.0)
    multi_json (1.6.1)
    multi_xml (0.5.5)
    multipart-post (1.1.5)
    net-http-persistent (2.9.4)
    net-scp (1.0.4)
      net-ssh (>= 1.99.1)
    net-ssh (2.6.2)
    newrelic_rpm (3.6.2.96)
    nokogiri (1.5.5)
    oauth2 (0.8.0)
      faraday (~> 0.8)
      httpauth (~> 0.1)
      jwt (~> 0.1.4)
      multi_json (~> 1.0)
      rack (~> 1.2)
    omniauth (1.1.1)
      hashie (~> 1.2)
      rack
    omniauth-facebook (1.4.1)
      omniauth-oauth2 (~> 1.1.0)
    omniauth-oauth2 (1.1.1)
      oauth2 (~> 0.8.0)
      omniauth (~> 1.0)
    pg (0.12.2)
    polyglot (0.3.3)
    rack (1.4.5)
    rack-cache (1.2)
      rack (>= 0.4)
    rack-cors (0.2.7)
      rack
    rack-mini-profiler (0.1.31)
      rack (>= 1.1.3)
    rack-ssl (1.3.3)
      rack
    rack-test (0.6.2)
      rack (>= 1.0)
    rails (3.2.11)
      actionmailer (= 3.2.11)
      actionpack (= 3.2.11)
      activerecord (= 3.2.11)
      activeresource (= 3.2.11)
      activesupport (= 3.2.11)
      bundler (~> 1.0)
      railties (= 3.2.11)
    railties (3.2.11)
      actionpack (= 3.2.11)
      activesupport (= 3.2.11)
      rack-ssl (~> 1.3.2)
      rake (>= 0.8.7)
      rdoc (~> 3.4)
      thor (>= 0.14.6, < 2.0)
    rake (10.0.3)
    ranked-model (0.3)
      activerecord (>= 3.1.12)
    rb-fsevent (0.9.1)
    rdoc (3.12.1)
      json (~> 1.4)
    rmagick (2.13.3)
    rspec (2.11.0)
      rspec-core (~> 2.11.0)
      rspec-expectations (~> 2.11.0)
      rspec-mocks (~> 2.11.0)
    rspec-core (2.11.1)
    rspec-expectations (2.11.3)
      diff-lcs (~> 1.1.3)
    rspec-mocks (2.11.3)
    rspec-rails (2.11.0)
      actionpack (>= 3.0)
      activesupport (>= 3.0)
      railties (>= 3.0)
      rspec (~> 2.11.0)
    ruby-hmac (0.4.0)
    ruby-progressbar (1.5.1)
    ruby-readability (0.5.7)
      guess_html_encoding (>= 0.0.4)
      nokogiri (>= 1.4.2)
    rubyzip (0.9.9)
    sass (3.2.3)
    sass-rails (3.2.5)
      railties (~> 3.2.0)
      sass (>= 3.1.10)
      tilt (~> 1.3)
    selenium-webdriver (2.27.2)
      childprocess (>= 0.2.5)
      libwebsocket (~> 0.1.3)
      multi_json (~> 1.0)
      rubyzip
    spork (0.9.2)
    sprockets (2.2.2)
      hike (~> 1.2)
      multi_json (~> 1.0)
      rack (~> 1.0)
      tilt (~> 1.1, != 1.3.0)
    sqlite3 (1.3.6)
    subexec (0.2.2)
    sys-proctable (0.9.1)
    thor (0.17.0)
    tilt (1.3.3)
    treetop (1.4.12)
      polyglot
      polyglot (>= 0.3.1)
    tzinfo (0.3.35)
    uglifier (1.2.3)
      execjs (>= 0.3.0)
      multi_json (>= 1.0.2)
    uniform_notifier (1.3.0)
    websocket (1.0.4)
    will_paginate (3.0.3)
    xpath (0.1.4)
      nokogiri (~> 1.3)

PLATFORMS
  ruby

DEPENDENCIES
  addressable
  annotate (= 2.5.0)
  bcrypt-ruby (= 3.0.1)
  best_in_place
  bootstrap-sass (~> 2.3.2)
  bootstrap-will_paginate (= 0.0.6)
  bullet
  capybara (= 1.1.2)
  carrierwave
  coffee-rails (= 3.2.2)
  delayed_job_active_record
  exception_notification (~> 3.0.0)
  factory_girl_rails (= 4.1.0)
  fastimage
  fog (~> 1.3.1)
  font-awesome-sass-rails
  gibbon
  google_currency
  guard-rspec (= 1.2.1)
  guard-spork (= 1.2.0)
  impressionist
  jquery-rails (= 2.0.2)
  link_thumbnailer
  mini_magick
  mixpanel-ruby
  money-rails
  newrelic_rpm
  nokogiri
  omniauth-facebook
  pg (= 0.12.2)
  rack-cors
  rack-mini-profiler
  rails (= 3.2.11)
  ranked-model
  rb-fsevent (= 0.9.1)
  rspec-rails (= 2.11.0)
  ruby-progressbar
  ruby-readability
  sass-rails (= 3.2.5)
  spork (= 0.9.2)
  sqlite3 (= 1.3.6)
  uglifier (= 1.2.3)
  will_paginate (= 3.0.3)
